GEM
  remote: http://rubygems.org/
  specs:
    press (0.7)

PLATFORMS
  ruby

DEPENDENCIES
  press
